GEM
  remote: https://rubygems.org/
  specs:
    chunky_png (1.3.11)
    combine_pdf (0.2.37)
      ruby-rc4 (>= 0.1.5)
    rqrcode (0.10.1)
      chunky_png (~> 1.0)
    ruby-rc4 (0.1.5)
    wkhtmltoimage-binary (0.12.5)
    wkhtmltopdf-binary (0.12.4)

PLATFORMS
  ruby

DEPENDENCIES
  combine_pdf (~> 0.2.5)
  rqrcode (~> 0.10.1)
  wkhtmltoimage-binary (~> 0.12.5)
  wkhtmltopdf-binary (~> 0.12.4)

BUNDLED WITH
   1.17.1
